GEM
  remote: https://rubygems.org/
  specs:
    colorize (0.5.8)
    fancy_irb (0.7.3)
      paint (>= 0.8.1)
      unicode-display_width (>= 0.1.1)
    paint (0.8.5)
    unicode-display_width (0.1.1)
    wirb (1.0.1)
      paint

PLATFORMS
  ruby

DEPENDENCIES
  colorize
  fancy_irb
  wirb
